GEM
  remote: https://rubygems.org/
  specs:
    mcp-rb (0.3.2)

PLATFORMS
  arm64-darwin-24
  ruby

DEPENDENCIES
  mcp-rb (~> 0.3)

BUNDLED WITH
   2.6.3
